GEM
  remote: https://rubygems.org/
  specs:
    Ascii85 (1.0.2)
    activemodel (3.0.9)
      activesupport (= 3.0.9)
      builder (~> 2.1.2)
      i18n (~> 0.5.0)
    activeresource (3.0.9)
      activemodel (= 3.0.9)
      activesupport (= 3.0.9)
    activesupport (3.0.9)
    afm (0.2.2)
    builder (2.1.2)
    hashery (2.1.1)
    i18n (0.5.4)
    pdf-reader (1.3.3)
      Ascii85 (~> 1.0.0)
      afm (~> 0.2.0)
      hashery (~> 2.0)
      ruby-rc4
      ttfunk
    pivotal_to_pdf (1.6.0)
      activeresource (= 3.0.9)
      pivotal_to_pdf-formatters (>= 0.0.4)
      prawn (= 0.12.0)
      thor
    pivotal_to_pdf-formatters (0.2.1.1)
      rainbow
    prawn (0.12.0)
      pdf-reader (>= 0.9.0)
      ttfunk (~> 1.0.2)
    rack (1.6.4)
    rack-protection (1.5.3)
      rack
    rainbow (2.0.0)
    ruby-rc4 (0.1.5)
    shotgun (0.9.1)
      rack (>= 1.0)
    sinatra (1.4.6)
      rack (~> 1.4)
      rack-protection (~> 1.4)
      tilt (>= 1.3, < 3)
    slim (3.0.6)
      temple (~> 0.7.3)
      tilt (>= 1.3.3, < 2.1)
    temple (0.7.6)
    thor (0.19.1)
    tilt (2.0.1)
    ttfunk (1.0.3)

PLATFORMS
  ruby

DEPENDENCIES
  pivotal_to_pdf
  shotgun
  sinatra
  slim

BUNDLED WITH
   1.10.6
